GEM
  remote: http://rubygems.org/
  specs:
    closure-compiler (1.1.7)
    crxmake (2.0.7)
      zip (~> 2.0.2)
    haml (3.1.7)
    sass (3.2.1)
    zip (2.0.2)

PLATFORMS
  ruby

DEPENDENCIES
  closure-compiler
  crxmake
  haml
  sass
