GEM
  remote: http://rubygems.org/
  specs:
    closure-compiler (1.1.4)
    crxmake (2.0.6)
      zip (~> 2.0.2)
    haml (3.1.4)
    zip (2.0.2)

PLATFORMS
  ruby

DEPENDENCIES
  closure-compiler
  crxmake
  haml
